FRAMEWORK: NET461
NUGET
  remote: https://www.nuget.org/api/v2
    FAKE (4.50)
    Fake.AzureRm (1.0)
    roundhouse (0.8.6)
