FRAMEWORK: NET461
NUGET
  remote: https://www.nuget.org/api/v2
    FAKE (4.50)
    Fake.AzureRm (1.0.27)
      Newtonsoft.Json (>= 9.0.1)
    Newtonsoft.Json (9.0.1)
    roundhouse (0.8.6)
